GIT
  remote: https://github.com/trombik/ansible-vault
  revision: d5844508de670b401bce18e013c6d79475e4deb7
  branch: master
  specs:
    ansible-vault (0.2.0)

GIT
  remote: https://github.com/trombik/ansibleinventory.git
  revision: 6ca46fadc35fe837b8cd701d9882e11567556a89
  branch: master
  specs:
    ansibleinventory (0.1.0)

GIT
  remote: https://github.com/trombik/vagrant-serverspec.git
  revision: 07d6aea596731c7670cebe734552d6f407df3d1e
  branch: master
  specs:
    vagrant-serverspec (0.1.0)
      net-ssh (>= 3.0.2)
      serverspec (>= 2.40.0)
      vagrant-ssh-config

GIT
  remote: https://github.com/trombik/vagrant-ssh-config.git
  revision: 98cfbe2e32a7971581450e0b9fd24879f0b6e832
  branch: master
  specs:
    vagrant-ssh-config (1.0.1)
      net-ssh (>= 3.0.2)

GEM
  remote: https://rubygems.org/
  specs:
    addressable (2.7.0)
      public_suffix (>= 2.0.2, < 5.0)
    ast (2.4.1)
    capybara (3.33.0)
      addressable
      mini_mime (>= 0.1.3)
      nokogiri (~> 1.8)
      rack (>= 1.6.0)
      rack-test (>= 0.6.3)
      regexp_parser (~> 1.5)
      xpath (~> 3.2)
    childprocess (3.0.0)
    coderay (1.1.3)
    diff-lcs (1.4.4)
    highline (2.0.3)
    io-console (0.5.6)
    irb (1.2.4)
      reline (>= 0.0.1)
    method_source (1.0.0)
    mini_mime (1.0.2)
    mini_portile2 (2.4.0)
    mqtt (0.5.0)
    multi_json (1.14.1)
    net-scp (3.0.0)
      net-ssh (>= 2.6.5, < 7.0.0)
    net-ssh (6.1.0)
    net-telnet (0.1.1)
    nokogiri (1.10.10)
      mini_portile2 (~> 2.4.0)
    parallel (1.19.2)
    parser (2.7.1.4)
      ast (~> 2.4.1)
    pry (0.13.1)
      coderay (~> 1.1)
      method_source (~> 1.0)
    public_suffix (4.0.5)
    rack (2.2.3)
    rack-test (1.1.0)
      rack (>= 1.0, < 3)
    rainbow (3.0.0)
    rake (13.0.1)
    regexp_parser (1.7.1)
    reline (0.1.4)
      io-console (~> 0.5)
    retries (0.0.5)
    rexml (3.2.4)
    rspec (3.4.0)
      rspec-core (~> 3.4.0)
      rspec-expectations (~> 3.4.0)
      rspec-mocks (~> 3.4.0)
    rspec-core (3.4.4)
      rspec-support (~> 3.4.0)
    rspec-expectations (3.4.0)
      diff-lcs (>= 1.2.0, < 2.0)
      rspec-support (~> 3.4.0)
    rspec-its (1.3.0)
      rspec-core (>= 3.0.0)
      rspec-expectations (>= 3.0.0)
    rspec-mocks (3.4.1)
      diff-lcs (>= 1.2.0, < 2.0)
      rspec-support (~> 3.4.0)
    rspec-retry (0.5.7)
      rspec-core (> 3.3)
    rspec-support (3.4.1)
    rubocop (0.86.0)
      parallel (~> 1.10)
      parser (>= 2.7.0.1)
      rainbow (>= 2.2.2, < 4.0)
      regexp_parser (>= 1.7)
      rexml
      rubocop-ast (>= 0.0.3, < 1.0)
      ruby-progressbar (~> 1.7)
      unicode-display_width (>= 1.4.0, < 2.0)
    rubocop-ast (0.0.3)
      parser (>= 2.7.0.1)
    ruby-progressbar (1.10.1)
    rubyzip (2.3.0)
    selenium-webdriver (3.142.7)
      childprocess (>= 0.5, < 4.0)
      rubyzip (>= 1.2.2)
    serverspec (2.41.5)
      multi_json
      rspec (~> 3.0)
      rspec-its
      specinfra (~> 2.72)
    sfl (2.3)
    specinfra (2.82.17)
      net-scp
      net-ssh (>= 2.7)
      net-telnet (= 0.1.1)
      sfl
    unicode-display_width (1.7.0)
    webdrivers (4.4.1)
      nokogiri (~> 1.6)
      rubyzip (>= 1.3.0)
      selenium-webdriver (>= 3.0, < 4.0)
    xpath (3.2.0)
      nokogiri (~> 1.8)

PLATFORMS
  ruby

DEPENDENCIES
  ansible-vault!
  ansibleinventory!
  capybara
  highline
  irb
  mqtt
  pry
  rake
  retries (~> 0.0.5)
  rspec (~> 3.4.0)
  rspec-retry (~> 0.5.5)
  rubocop
  selenium-webdriver
  serverspec
  vagrant-serverspec!
  vagrant-ssh-config!
  webdrivers (~> 4.0)

BUNDLED WITH
   2.0.2
